GEM
  remote: https://rubygems.org/
  specs:
    activesupport (4.2.11.3)
      i18n (~> 0.7)
      minitest (~> 5.1)
      thread_safe (~> 0.3, >= 0.3.4)
      tzinfo (~> 1.1)
    async_sinatra (1.1.0)
      rack (>= 1.4.1)
      sinatra (>= 1.3.2)
    coffee-script (2.4.1)
      coffee-script-source
      execjs
    coffee-script-source (1.12.2)
    concurrent-ruby (1.2.2)
    crass (1.0.6)
    curb (1.0.5)
    daemons (1.4.1)
    domain_name (0.5.20190701)
      unf (>= 0.0.5, < 1.0.0)
    eventmachine (1.2.7)
    execjs (2.8.1)
    ffi (1.15.5)
    http-accept (1.7.0)
    http-cookie (1.0.5)
      domain_name (~> 0.5)
    i18n (0.9.5)
      concurrent-ruby (~> 1.0)
    json (2.3.1)
    kramdown (2.4.0)
      rexml
    listen (3.7.1)
      rb-fsevent (~> 0.10, >= 0.10.3)
      rb-inotify (~> 0.9, >= 0.9.10)
    maruku (0.7.3)
    mime-types (3.5.1)
      mime-types-data (~> 3.2015)
    mime-types-data (3.2023.0808)
    minitest (5.19.0)
    msgpack (1.2.10)
    netrc (0.11.0)
    nokogiri (1.15.2-arm64-darwin)
      racc (~> 1.4)
    polytexnic (1.9.2)
      json (= 2.3.1)
      kramdown (= 2.4.0)
      msgpack (= 1.2.10)
      nokogiri (= 1.15.2)
      pygments.rb (~> 2.3.1)
    pygments.rb (2.3.1)
    racc (1.7.1)
    rack (1.6.13)
    rack-protection (1.5.5)
      rack
    rb-fsevent (0.11.2)
    rb-inotify (0.10.1)
      ffi (~> 1.0)
    rest-client (2.1.0)
      http-accept (>= 1.7.0, < 2.0)
      http-cookie (>= 1.0.2, < 2.0)
      mime-types (>= 1.16, < 4.0)
      netrc (~> 0.8)
    rexml (3.2.6)
    ruby-progressbar (1.13.0)
    sanitize (6.0.1)
      crass (~> 1.0.2)
      nokogiri (>= 1.12.0)
    sinatra (1.4.8)
      rack (~> 1.5)
      rack-protection (~> 1.4)
      tilt (>= 1.3, < 3)
    sinatra-respond_to (0.9.0)
      sinatra (~> 1.3)
    softcover (1.9.1)
      activesupport (= 4.2.11.3)
      async_sinatra (= 1.1.0)
      coffee-script (= 2.4.1)
      curb (= 1.0.5)
      i18n (= 0.9.5)
      kramdown (= 2.4.0)
      listen (= 3.7.1)
      maruku (= 0.7.3)
      msgpack (= 1.2.10)
      nokogiri (= 1.15.2)
      polytexnic (~> 1.9)
      pygments.rb (= 2.3.1)
      rest-client (= 2.1.0)
      ruby-progressbar (= 1.13.0)
      sanitize (= 6.0.1)
      sinatra (= 1.4.8)
      sinatra-respond_to (= 0.9.0)
      thin (= 1.6.4)
      thor (= 1.2.2)
    thin (1.6.4)
      daemons (~> 1.0, >= 1.0.9)
      eventmachine (~> 1.0, >= 1.0.4)
      rack (~> 1.0)
    thor (1.2.2)
    thread_safe (0.3.6)
    tilt (2.2.0)
    tzinfo (1.2.11)
      thread_safe (~> 0.1)
    unf (0.1.4)
      unf_ext
    unf_ext (0.0.8.2)

PLATFORMS
  arm64-darwin-22

DEPENDENCIES
  softcover (~> 1.9)

BUNDLED WITH
   2.4.10
